GEM
  remote: https://rubygems.org/
  specs:
    backports (3.17.1)
    byebug (11.1.3)
    domain_name (0.5.20180417)
      unf (>= 0.0.5, < 1.0.0)
    graphql (1.10.9)
    http-cookie (1.0.3)
      domain_name (~> 0.5)
    mime-types (3.3)
      mime-types-data (~> 3.2015)
    mime-types-data (3.2019.1009)
    multi_json (1.14.1)
    mustermann (1.1.1)
      ruby2_keywords (~> 0.0.1)
    netrc (0.11.0)
    rack (2.2.2)
    rack-protection (2.0.8.1)
      rack
    rest-client (2.0.2)
      http-cookie (>= 1.0.2, < 2.0)
      mime-types (>= 1.16, < 4.0)
      netrc (~> 0.8)
    ruby2_keywords (0.0.2)
    sinatra (2.0.8.1)
      mustermann (~> 1.0)
      rack (~> 2.0)
      rack-protection (= 2.0.8.1)
      tilt (~> 2.0)
    sinatra-contrib (2.0.8.1)
      backports (>= 2.8.2)
      multi_json
      mustermann (~> 1.0)
      rack-protection (= 2.0.8.1)
      sinatra (= 2.0.8.1)
      tilt (~> 2.0)
    tilt (2.0.10)
    unf (0.1.4)
      unf_ext
    unf_ext (0.0.7.5)

PLATFORMS
  ruby

DEPENDENCIES
  byebug
  graphql
  rest-client
  sinatra
  sinatra-contrib

BUNDLED WITH
   2.0.1
